GEM
  remote: http://rubygems.org/
  specs:
    Ascii85 (1.0.1)
    chunky_png (1.2.5)
    compass (0.11.5)
      chunky_png (~> 1.2)
      fssm (>= 0.2.7)
      sass (~> 3.1)
    ffi (1.0.9)
    fssm (0.2.7)
    haml (3.1.3)
    pdf-reader (1.0.0.beta1)
      Ascii85 (~> 1.0.0)
      ruby-rc4
    rb-inotify (0.8.8)
      ffi (>= 0.5.0)
    ruby-rc4 (0.1.3)
    sass (3.1.10)

PLATFORMS
  ruby

DEPENDENCIES
  compass (= 0.11.5)
  haml (= 3.1.3)
  pdf-reader (= 1.0.0.beta1)
  rb-inotify (= 0.8.8)
