GEM
  remote: http://rubygems.org/
  specs:
    Ascii85 (1.0.1)
    chunky_png (1.2.5)
    coffee-script (2.2.0)
      coffee-script-source
      execjs
    coffee-script-source (1.1.3)
    compass (0.11.5)
      chunky_png (~> 1.2)
      fssm (>= 0.2.7)
      sass (~> 3.1)
    execjs (1.2.9)
      multi_json (~> 1.0)
    ffi (1.0.9)
    fssm (0.2.7)
    haml (3.1.3)
    multi_json (1.0.3)
    pdf-reader (1.0.0.beta1)
      Ascii85 (~> 1.0.0)
      ruby-rc4
    rack (1.3.5)
    rb-inotify (0.8.8)
      ffi (>= 0.5.0)
    rdiscount (1.6.8)
    ruby-rc4 (0.1.3)
    sass (3.1.10)
    shotgun (0.9)
      rack (>= 1.0)

PLATFORMS
  ruby

DEPENDENCIES
  coffee-script
  compass (= 0.11.5)
  haml (= 3.1.3)
  pdf-reader (= 1.0.0.beta1)
  rb-inotify (= 0.8.8)
  rdiscount (= 1.6.8)
  shotgun
